PATH
  remote: .
  specs:
    autocronitor (0.0.4)
      choice (~> 0.2, >= 0.2.0)
      unirest (~> 1.1, >= 1.1.2)

GEM
  remote: https://rubygems.org/
  specs:
    addressable (2.3.8)
    choice (0.2.0)
    json (1.8.6)
    mime-types (1.25.1)
    rest-client (1.6.9)
      mime-types (~> 1.16)
    unirest (1.1.2)
      addressable (~> 2.3.5)
      json (~> 1.8.1)
      rest-client (~> 1.6.7)

PLATFORMS
  ruby

DEPENDENCIES
  autocronitor!

BUNDLED WITH
   1.13.6
